GEM
  remote: https://rubygems.org/
  specs:
    activesupport (5.1.0)
      concurrent-ruby (~> 1.0, >= 1.0.2)
      i18n (~> 0.7)
      minitest (~> 5.1)
      tzinfo (~> 1.1)
    coderay (1.1.1)
    concurrent-ruby (1.0.5)
    connection_pool (2.2.1)
    dotenv (2.2.1)
    enumerable-lazy (0.0.2)
    httparty (0.14.0)
      multi_xml (>= 0.5.2)
    i18n (0.8.1)
    mail (2.6.5)
      mime-types (>= 1.16, < 4)
    method_source (0.8.2)
    mime-types (2.99.3)
    minitest (5.10.1)
    moneta (0.8.1)
    multi_xml (0.6.0)
    mustermann19 (0.4.4)
      enumerable-lazy
    padrino (0.13.3.3)
      padrino-admin (= 0.13.3.3)
      padrino-cache (= 0.13.3.3)
      padrino-core (= 0.13.3.3)
      padrino-gen (= 0.13.3.3)
      padrino-helpers (= 0.13.3.3)
      padrino-mailer (= 0.13.3.3)
      padrino-support (= 0.13.3.3)
    padrino-admin (0.13.3.3)
      padrino-core (= 0.13.3.3)
      padrino-helpers (= 0.13.3.3)
    padrino-cache (0.13.3.3)
      moneta (~> 0.8.0)
      padrino-core (= 0.13.3.3)
      padrino-helpers (= 0.13.3.3)
    padrino-core (0.13.3.3)
      activesupport (>= 3.1)
      mustermann19
      padrino-support (= 0.13.3.3)
      rack-protection (>= 1.5.0)
      sinatra (>= 1.4.6)
      thor (~> 0.18)
    padrino-gen (0.13.3.3)
      bundler (~> 1.0)
      padrino-core (= 0.13.3.3)
    padrino-helpers (0.13.3.3)
      i18n (~> 0.6, >= 0.6.7)
      padrino-support (= 0.13.3.3)
      tilt (>= 1.4.1, < 3)
    padrino-mailer (0.13.3.3)
      mail (~> 2.5)
      mime-types (< 3)
      padrino-core (= 0.13.3.3)
    padrino-sprockets (0.0.3)
      sprockets
    padrino-support (0.13.3.3)
      activesupport (>= 3.1)
    pg (0.20.0)
    pry (0.10.3)
      coderay (~> 1.1.0)
      method_source (~> 0.8.1)
      slop (~> 3.4)
    rack (1.6.5)
    rack-protection (1.5.3)
      rack
    rake (12.0.0)
    redis (3.3.3)
    sass (3.4.21)
    sidekiq (5.0.0)
      concurrent-ruby (~> 1.0)
      connection_pool (~> 2.2, >= 2.2.0)
      rack-protection (>= 1.5.0)
      redis (~> 3.3, >= 3.3.3)
    sinatra (1.4.8)
      rack (~> 1.5)
      rack-protection (~> 1.4)
      tilt (>= 1.3, < 3)
    slop (3.6.0)
    sprockets (3.7.1)
      concurrent-ruby (~> 1.0)
      rack (> 1, < 3)
    thor (0.19.4)
    thread_safe (0.3.6)
    tilt (2.0.7)
    tzinfo (1.2.3)
      thread_safe (~> 0.1)

PLATFORMS
  ruby

DEPENDENCIES
  dotenv
  httparty
  padrino (= 0.13.3.3)
  padrino-sprockets
  pg
  pry
  rake
  sass
  sidekiq

BUNDLED WITH
   1.12.5
